GEM
  remote: http://rubygems.org/
  specs:
    configatron (2.7.2)
      yamler (>= 0.1.0)
    gdata (1.1.2)
    git (1.2.5)
    jeweler (1.6.4)
      bundler (~> 1.0)
      git (>= 1.2.5)
      rake
    rake (0.8.7)
    yamler (0.1.0)

PLATFORMS
  ruby

DEPENDENCIES
  configatron
  gdata
  jeweler
